GEM
  remote: https://rubygems.org/
  specs:
    hatenablog (0.5.1)
      nokogiri
      oauth
    mini_portile2 (2.1.0)
    nokogiri (1.7.2)
      mini_portile2 (~> 2.1.0)
    oauth (0.5.1)
    rake (12.0.0)

PLATFORMS
  ruby

DEPENDENCIES
  hatenablog
  rake

BUNDLED WITH
   1.14.6
